GIT
  remote: https://github.com/merongivian/tone.rb
  revision: aa0e8374a4a855c5fad097e38b7753257cfeff38
  specs:
    tone.rb (0.1.0)
      opal (>= 0.10.2)

GIT
  remote: https://github.com/opal/opal-rspec
  revision: e86e64378aa87055e4a51a9b0686a1160d5279ac
  submodules: true
  specs:
    opal-rspec (0.7.0.rc.2)
      opal (>= 0.11, < 0.12)
      opal-sprockets
      rake (~> 12.0)

PATH
  remote: .
  specs:
    negasonic (0.1.0)
      tone.rb

GEM
  remote: https://rubygems.org/
  specs:
    ast (2.4.0)
    concurrent-ruby (1.1.3)
    diff-lcs (1.3)
    hike (1.2.3)
    minitest (5.11.3)
    opal (0.11.4)
      ast (>= 2.3.0)
      hike (~> 1.2)
      parser (= 2.3.3.1)
      sourcemap (~> 0.1.0)
    opal-sprockets (0.4.2.0.11.0.3.1)
      opal (~> 0.11.0)
      sprockets (~> 3.1)
      tilt (>= 1.4)
    parser (2.3.3.1)
      ast (~> 2.2)
    rack (2.0.6)
    rake (12.3.1)
    rspec (3.8.0)
      rspec-core (~> 3.8.0)
      rspec-expectations (~> 3.8.0)
      rspec-mocks (~> 3.8.0)
    rspec-core (3.8.0)
      rspec-support (~> 3.8.0)
    rspec-expectations (3.8.2)
      diff-lcs (>= 1.2.0, < 2.0)
      rspec-support (~> 3.8.0)
    rspec-mocks (3.8.0)
      diff-lcs (>= 1.2.0, < 2.0)
      rspec-support (~> 3.8.0)
    rspec-support (3.8.0)
    sourcemap (0.1.1)
    sprockets (3.7.2)
      concurrent-ruby (~> 1.0)
      rack (> 1, < 3)
    tilt (2.0.9)

PLATFORMS
  ruby

DEPENDENCIES
  bundler (~> 1.16)
  minitest (~> 5.0)
  negasonic!
  opal-rspec!
  opal-sprockets
  rake
  rspec
  tone.rb!

BUNDLED WITH
   1.16.2
